PATH
  remote: /Users/mrsimo/code/geoffrey
  specs:
    geoffrey (1.1.3)
      plist4r
      progressbar
      thor

GEM
  remote: http://rubygems.org/
  specs:
    haml (3.0.18)
    libxml-ruby (1.1.4)
    libxml4r (0.2.6)
      libxml-ruby (>= 1.1.3)
    plist4r (1.1.5)
      haml
      libxml-ruby
      libxml4r
    progressbar (0.9.0)
    rake (0.8.7)
    thor (0.14.0)

PLATFORMS
  ruby

DEPENDENCIES
  geoffrey!
  rake
