GIT
  remote: git@github.com:albertllop/geoffrey.git
  revision: a1fc5c8d3bb4f2781cc637b89d9e9053a88343c4
  specs:
    geoffrey (0.0.3)
      plist4r

GEM
  remote: http://rubygems.org/
  specs:
    haml (3.0.18)
    libxml-ruby (1.1.4)
    libxml4r (0.2.6)
      libxml-ruby (>= 1.1.3)
    plist4r (1.1.5)
      haml
      libxml-ruby
      libxml4r
    rake (0.8.7)

PLATFORMS
  ruby

DEPENDENCIES
  geoffrey!
  rake
