GIT
  remote: git@github.com:mrsimo/geoffrey.git
  revision: 9d55343e85b08a77d45c0031f5f5f383c7d32924
  specs:
    geoffrey (0.0.5)
      plist4r

GEM
  remote: http://rubygems.org/
  specs:
    haml (3.0.18)
    libxml-ruby (1.1.4)
    libxml4r (0.2.6)
      libxml-ruby (>= 1.1.3)
    plist4r (1.1.5)
      haml
      libxml-ruby
      libxml4r
    rake (0.8.7)

PLATFORMS
  ruby

DEPENDENCIES
  geoffrey!
  rake
